GIT
  remote: https://github.com/MurgaNikolay/test-kitchen.git
  revision: f03a39424ad094844db912961c6c1dd5abd66939
  specs:
    test-kitchen (1.2.2.dev)
      mixlib-shellout (>= 1.2, < 3.0)
      net-scp (~> 1.1)
      net-ssh (~> 2.7)
      safe_yaml (~> 1.0)
      thor (~> 0.18)

GEM
  remote: https://rubygems.org/
  specs:
    addressable (2.3.8)
    berkshelf (4.0.1)
      addressable (~> 2.3.4)
      berkshelf-api-client (~> 2.0)
      buff-config (~> 1.0)
      buff-extensions (~> 1.0)
      buff-shell_out (~> 0.1)
      celluloid (= 0.16.0)
      celluloid-io (~> 0.16.1)
      cleanroom (~> 1.0)
      faraday (~> 0.9.0)
      httpclient (~> 2.6.0)
      minitar (~> 0.5.4)
      octokit (~> 3.0)
      retryable (~> 2.0)
      ridley (~> 4.3)
      solve (~> 1.1)
      thor (~> 0.19)
    berkshelf-api-client (2.0.0)
      faraday (~> 0.9.1)
      httpclient (~> 2.6.0)
    buff-config (1.0.1)
      buff-extensions (~> 1.0)
      varia_model (~> 0.4)
    buff-extensions (1.0.0)
    buff-ignore (1.1.1)
    buff-ruby_engine (0.1.0)
    buff-shell_out (0.2.0)
      buff-ruby_engine (~> 0.1.0)
    celluloid (0.16.0)
      timers (~> 4.0.0)
    celluloid-io (0.16.2)
      celluloid (>= 0.16.0)
      nio4r (>= 1.1.0)
    cleanroom (1.0.0)
    coderay (1.1.0)
    dep-selector-libgecode (1.0.2)
    dep_selector (1.0.3)
      dep-selector-libgecode (~> 1.0)
      ffi (~> 1.9)
    diff-lcs (1.2.5)
    dotenv (2.0.2)
    erubis (2.7.0)
    faraday (0.9.2)
      multipart-post (>= 1.2, < 3)
    ffi (1.9.10)
    foodcritic (5.0.0)
      erubis
      gherkin (~> 2.11)
      nokogiri (>= 1.5, < 2.0)
      rake
      rufus-lru (~> 1.0)
      treetop (~> 1.4)
      yajl-ruby (~> 1.1)
    gherkin (2.12.2)
      multi_json (~> 1.3)
    hashie (3.4.3)
    hitimes (1.2.3)
    httpclient (2.6.0.1)
    json (1.8.3)
    kitchen-binding (0.2.1)
      pry-remote (~> 0.1.8)
      test-kitchen (~> 1.2.1)
    kitchen-sync (1.1.1)
      net-sftp
      test-kitchen (>= 1.0.0)
    kitchen-vagrant (0.16.0)
      test-kitchen (~> 1.0)
    method_source (0.8.2)
    mini_portile (0.6.2)
    minitar (0.5.4)
    mixlib-authentication (1.3.0)
      mixlib-log
    mixlib-log (1.6.0)
    mixlib-shellout (2.2.3)
    multi_json (1.11.2)
    multipart-post (2.0.0)
    net-scp (1.2.1)
      net-ssh (>= 2.6.5)
    net-sftp (2.1.2)
      net-ssh (>= 2.6.5)
    net-ssh (2.9.2)
    net-telnet (0.1.1)
    nio4r (1.1.1)
    nokogiri (1.6.6.4)
      mini_portile (~> 0.6.0)
    octokit (3.8.0)
      sawyer (~> 0.6.0, >= 0.5.3)
    polyglot (0.3.5)
    pry (0.10.3)
      coderay (~> 1.1.0)
      method_source (~> 0.8.1)
      slop (~> 3.4)
    pry-remote (0.1.8)
      pry (~> 0.9)
      slop (~> 3.0)
    rake (10.4.2)
    retryable (2.0.3)
    ridley (4.3.2)
      addressable
      buff-config (~> 1.0)
      buff-extensions (~> 1.0)
      buff-ignore (~> 1.1)
      buff-shell_out (~> 0.1)
      celluloid (~> 0.16.0)
      celluloid-io (~> 0.16.1)
      erubis
      faraday (~> 0.9.0)
      hashie (>= 2.0.2, < 4.0.0)
      httpclient (~> 2.6)
      json (>= 1.7.7)
      mixlib-authentication (>= 1.3.0)
      retryable (~> 2.0)
      semverse (~> 1.1)
      varia_model (~> 0.4.0)
    rspec (3.4.0)
      rspec-core (~> 3.4.0)
      rspec-expectations (~> 3.4.0)
      rspec-mocks (~> 3.4.0)
    rspec-core (3.4.1)
      rspec-support (~> 3.4.0)
    rspec-expectations (3.4.0)
      diff-lcs (>= 1.2.0, < 2.0)
      rspec-support (~> 3.4.0)
    rspec-its (1.2.0)
      rspec-core (>= 3.0.0)
      rspec-expectations (>= 3.0.0)
    rspec-mocks (3.4.0)
      diff-lcs (>= 1.2.0, < 2.0)
      rspec-support (~> 3.4.0)
    rspec-support (3.4.1)
    rufus-lru (1.0.5)
    safe_yaml (1.0.4)
    sawyer (0.6.0)
      addressable (~> 2.3.5)
      faraday (~> 0.8, < 0.10)
    semverse (1.2.1)
    serverspec (2.24.3)
      multi_json
      rspec (~> 3.0)
      rspec-its
      specinfra (~> 2.43)
    sfl (2.2)
    slop (3.6.0)
    solve (1.2.1)
      dep_selector (~> 1.0)
      semverse (~> 1.1)
    specinfra (2.44.3)
      net-scp
      net-ssh (~> 2.7)
      net-telnet
      sfl
    thor (0.19.1)
    timers (4.0.4)
      hitimes
    treetop (1.6.3)
      polyglot (~> 0.3)
    vagrant-berkshelf (4.1.0)
    varia_model (0.4.1)
      buff-extensions (~> 1.0)
      hashie (>= 2.0.2, < 4.0.0)
    yajl-ruby (1.2.1)

PLATFORMS
  ruby

DEPENDENCIES
  berkshelf
  dotenv
  foodcritic
  kitchen-binding
  kitchen-sync
  kitchen-vagrant
  serverspec
  test-kitchen!
  vagrant-berkshelf

BUNDLED WITH
   1.10.6
